GEM
  remote: https://rubygems.org/
  specs:
    ffi (1.16.3)
    jekyll-watch (2.2.1)
      listen (~> 3.0)
    kramdown (2.4.0)
      rexml
    kramdown-parser-gfm (1.1.0)
      kramdown (~> 2.0)
    listen (3.9.0)
      rb-fsevent (~> 0.10, >= 0.10.3)
      rb-inotify (~> 0.9, >= 0.9.10)
    rb-fsevent (0.11.2)
    rb-inotify (0.11.1)
      ffi (~> 1.0)
    rexml (3.3.3)
      strscan
    strscan (3.1.0)
    webrick (1.8.1)

PLATFORMS
  arm64-darwin-21
  arm64-darwin-23
  x86_64-linux

DEPENDENCIES
  jekyll-watch (~> 2.2)
  kramdown (~> 2.3)
  kramdown-parser-gfm (~> 1.1)
  webrick (~> 1.7)

BUNDLED WITH
   2.3.5
